GEM
  remote: https://rubygems.org/
  specs:
    awesome_print (1.6.1)
    rack (1.6.4)
    rack-protection (1.5.3)
      rack
    sinatra (1.4.7)
      rack (~> 1.5)
      rack-protection (~> 1.4)
      tilt (>= 1.3, < 3)
    tilt (2.0.2)

PLATFORMS
  ruby

DEPENDENCIES
  awesome_print
  sinatra

BUNDLED WITH
   1.11.2
